GIT
  remote: git://github.com/rickyrobinson/kyototycoon-ruby.git
  revision: 4d01565c18886f8fad155bae43dc77425e1b1008
  specs:
    kyototycoon (0.5.4)
      msgpack

PATH
  remote: .
  specs:
    kyotomodel (0.0.1)
      kyototycoon
      msgpack
      supermodel

GEM
  remote: http://rubygems.org/
  specs:
    activemodel (3.1.0.rc5)
      activesupport (= 3.1.0.rc5)
      bcrypt-ruby (~> 2.1.4)
      builder (~> 3.0.0)
      i18n (~> 0.6)
    activesupport (3.1.0.rc5)
      multi_json (~> 1.0)
    bcrypt-ruby (2.1.4)
    builder (3.0.0)
    i18n (0.6.0)
    msgpack (0.4.5)
    multi_json (1.0.3)
    supermodel (0.1.4)
      activemodel (>= 3.0.0.beta)

PLATFORMS
  ruby

DEPENDENCIES
  kyotomodel!
  kyototycoon!
